GEM
  remote: http://rubygems.org/
  specs:
    amq-protocol (1.9.2)
    amqp (1.4.1)
      amq-protocol (>= 1.9.2)
      eventmachine
    bunny (1.4.0)
      amq-protocol (>= 1.9.2)
    coderay (1.1.0)
    eventmachine (1.0.3)
    metaclass (0.0.4)
    method_source (0.8.2)
    minitest (4.7.5)
    mocha (1.1.0)
      metaclass (~> 0.0.1)
    pry (0.10.1)
      coderay (~> 1.1.0)
      method_source (~> 0.8.1)
      slop (~> 3.4)
    rack (1.5.2)
    rack-protection (1.5.3)
      rack
    sinatra (1.4.5)
      rack (~> 1.4)
      rack-protection (~> 1.4)
      tilt (~> 1.3, >= 1.3.4)
    slop (3.6.0)
    tilt (1.4.1)
    timecop (0.7.1)

PLATFORMS
  ruby

DEPENDENCIES
  amqp
  bunny
  minitest (~> 4.7.0)
  mocha
  pry
  sinatra
  timecop
